GEM
  remote: https://rubygems.org/
  specs:
    ast (2.4.0)
    coderay (1.1.2)
    econfig (2.0.0)
    ffi (1.9.18)
    hirb (0.7.3)
    json (2.1.0)
    listen (3.1.5)
      rb-fsevent (~> 0.9, >= 0.9.4)
      rb-inotify (~> 0.9, >= 0.9.7)
      ruby_dep (~> 1.2)
    method_source (0.9.0)
    minitest (5.10.1)
    minitest-rg (5.2.0)
      minitest (~> 5.0)
    parallel (1.12.1)
    parser (2.5.1.0)
      ast (~> 2.4.0)
    powerpack (0.1.1)
    pry (0.11.3)
      coderay (~> 1.1.0)
      method_source (~> 0.9.0)
    puma (3.8.2)
    rack (1.6.5)
    rack-test (0.6.3)
      rack (>= 1.0)
    rainbow (3.0.0)
    rake (12.0.0)
    rb-fsevent (0.9.8)
    rb-inotify (0.9.8)
      ffi (>= 0.5.0)
    rbnacl (5.0.0)
      ffi
    rbnacl-libsodium (1.0.16)
      rbnacl (>= 3.0.1)
    rerun (0.11.0)
      listen (~> 3.0)
    roda (3.7.0)
      rack
    rubocop (0.55.0)
      parallel (~> 1.10)
      parser (>= 2.5)
      powerpack (~> 0.1)
      rainbow (>= 2.2.2, < 4.0)
      ruby-progressbar (~> 1.7)
      unicode-display_width (~> 1.0, >= 1.0.1)
    ruby-progressbar (1.9.0)
    ruby_dep (1.5.0)
    sequel (5.7.1)
    sqlite3 (1.3.13)
    unicode-display_width (1.3.2)

PLATFORMS
  ruby

DEPENDENCIES
  econfig
  hirb
  json
  minitest
  minitest-rg
  pry
  puma
  rack-test
  rake
  rbnacl-libsodium
  rerun
  roda
  rubocop
  sequel
  sqlite3

RUBY VERSION
   ruby 2.5.0p0

BUNDLED WITH
   1.16.1
